GEM
  remote: https://rubygems.org/
  specs:
    activemodel (5.1.4)
      activesupport (= 5.1.4)
    activerecord (5.1.4)
      activemodel (= 5.1.4)
      activesupport (= 5.1.4)
      arel (~> 8.0)
    activesupport (5.1.4)
      concurrent-ruby (~> 1.0, >= 1.0.2)
      i18n (~> 0.7)
      minitest (~> 5.1)
      tzinfo (~> 1.1)
    addressable (2.5.2)
      public_suffix (>= 2.0.2, < 4.0)
    arel (8.0.0)
    backports (3.11.0)
    concurrent-ruby (1.0.5)
    domain_name (0.5.20170404)
      unf (>= 0.0.5, < 1.0.0)
    excon (0.60.0)
    ffi (1.9.18-x64-mingw32)
    ffi (1.9.18-x86-mingw32)
    heroku (3.41.5)
      heroku-api (>= 0.3.19)
      launchy (>= 0.3.2)
      multi_json (>= 1.10)
      net-ssh-gateway (>= 1.2.0)
      netrc (>= 0.10.0)
      rest-client (>= 1.6.0)
      rubyzip (>= 0.9.9)
    heroku-api (0.4.3)
      excon (~> 0.45)
      multi_json (~> 1.8)
    http-cookie (1.0.3)
      domain_name (~> 0.5)
    i18n (0.9.1)
      concurrent-ruby (~> 1.0)
    launchy (2.4.3)
      addressable (~> 2.3)
    mime-types (3.1)
      mime-types-data (~> 3.2015)
    mime-types-data (3.2016.0521)
    minitest (5.11.1)
    multi_json (1.13.1)
    net-ssh (4.2.0)
    net-ssh-gateway (2.0.0)
      net-ssh (>= 4.0.0)
    netrc (0.11.0)
    pg (0.21.0-x64-mingw32)
    pg (0.21.0-x86-mingw32)
    public_suffix (3.0.1)
    rack (1.6.8)
    rack-protection (1.5.3)
      rack
    rack-test (0.8.2)
      rack (>= 1.0, < 3)
    rake (12.3.0)
    rest-client (2.0.2-x64-mingw32)
      ffi (~> 1.9)
      http-cookie (>= 1.0.2, < 2.0)
      mime-types (>= 1.16, < 4.0)
      netrc (~> 0.8)
    rest-client (2.0.2-x86-mingw32)
      ffi (~> 1.9)
      http-cookie (>= 1.0.2, < 2.0)
      mime-types (>= 1.16, < 4.0)
      netrc (~> 0.8)
    rubyzip (1.2.1)
    sinatra (1.4.8)
      rack (~> 1.5)
      rack-protection (~> 1.4)
      tilt (>= 1.3, < 3)
    sinatra-activerecord (2.0.13)
      activerecord (>= 3.2)
      sinatra (>= 1.0)
    sinatra-base (1.4.0)
      rack (~> 1.3, >= 1.3.6)
      rack-protection (~> 1.2)
      tilt (~> 1.3, >= 1.3.3)
    sinatra-contrib (1.4.7)
      backports (>= 2.0)
      multi_json
      rack-protection
      rack-test
      sinatra (~> 1.4.0)
      tilt (>= 1.3, < 3)
    sinatra-reloader (1.0)
      sinatra-contrib
    sqlite3 (1.3.13-x64-mingw32)
    sqlite3 (1.3.13-x86-mingw32)
    thread_safe (0.3.6)
    tilt (1.4.1)
    tzinfo (1.2.4)
      thread_safe (~> 0.1)
    unf (0.1.4)
      unf_ext
    unf_ext (0.0.7.4-x64-mingw32)
    unf_ext (0.0.7.4-x86-mingw32)

PLATFORMS
  x64-mingw32
  x86-mingw32

DEPENDENCIES
  heroku
  pg
  rack
  rake
  sinatra-activerecord
  sinatra-base
  sinatra-reloader
  sqlite3

BUNDLED WITH
   1.16.1
